PATH
  remote: ../tracks
  specs:
    tracks (0.0.7)
      erubis
      multi_json
      rack
      sqlite3

GEM
  remote: https://rubygems.org/
  specs:
    celluloid (0.15.2)
      timers (~> 1.1.0)
    celluloid-io (0.15.0)
      celluloid (>= 0.15.0)
      nio4r (>= 0.5.0)
    erubis (2.7.0)
    ffi (1.9.3)
    listen (2.7.1)
      celluloid (>= 0.15.2)
      celluloid-io (>= 0.15.0)
      rb-fsevent (>= 0.9.3)
      rb-inotify (>= 0.9)
    multi_json (1.9.2)
    nio4r (1.0.0)
    rack (1.5.2)
    rb-fsevent (0.9.4)
    rb-inotify (0.9.3)
      ffi (>= 0.5.0)
    rerun (0.9.0)
      listen (~> 2.7)
    sqlite3 (1.3.9)
    timers (1.1.0)

PLATFORMS
  ruby

DEPENDENCIES
  listen
  rerun
  tracks!
