GEM
  remote: https://rubygems.org/
  specs:
    rack (1.5.2)
    tracks (0.0.1)
      rack

PLATFORMS
  ruby

DEPENDENCIES
  tracks (~> 0.0.1)
